GEM
  remote: https://rubygems.org/
  specs:
    msgpack (1.8.0)

PLATFORMS
  arm64-darwin-24
  ruby

DEPENDENCIES
  msgpack (~> 1.8)

BUNDLED WITH
   2.5.16
